GEM
  remote: https://rubygems.org/
  specs:
    builder (3.2.2)
    childprocess (0.3.9)
      ffi (~> 1.0, >= 1.0.11)
    cucumber (1.3.8)
      builder (>= 2.1.2)
      diff-lcs (>= 1.1.3)
      gherkin (~> 2.12.1)
      multi_json (>= 1.7.5, < 2.0)
      multi_test (>= 0.0.2)
    diff-lcs (1.2.4)
    faker (1.2.0)
      i18n (~> 0.5)
    ffi (1.9.0)
    gherkin (2.12.2)
      multi_json (~> 1.3)
    i18n (0.6.5)
    multi_json (1.8.2)
    multi_test (0.0.2)
    rubyzip (1.0.0)
    selenium-webdriver (2.37.0)
      childprocess (>= 0.2.5)
      multi_json (~> 1.0)
      rubyzip (~> 1.0.0)
      websocket (~> 1.0.4)
    spork (0.9.2)
    thor (0.18.1)
    websocket (1.0.7)

PLATFORMS
  ruby

DEPENDENCIES
  cucumber
  faker
  selenium-webdriver
  spork
  thor
